PATH
  remote: .
  specs:
    cash-app-pay (0.0.1)

GEM
  remote: https://rubygems.org/
  specs:
    addressable (2.8.6)
      public_suffix (>= 2.0.2, < 6.0)
    byebug (11.1.3)
    coderay (1.1.3)
    crack (0.4.5)
      rexml
    hashdiff (1.0.1)
    method_source (1.0.0)
    mocha (2.1.0)
      ruby2_keywords (>= 0.0.5)
    power_assert (1.2.0)
    pry (0.14.2)
      coderay (~> 1.1)
      method_source (~> 1.0)
    pry-byebug (3.10.1)
      byebug (~> 11.0)
      pry (>= 0.13, < 0.15)
    public_suffix (5.0.4)
    rexml (3.2.6)
    ruby2_keywords (0.0.5)
    test-unit (3.3.7)
      power_assert
    webmock (3.19.1)
      addressable (>= 2.8.0)
      crack (>= 0.3.2)
      hashdiff (>= 0.4.0, < 2.0.0)

PLATFORMS
  arm64-darwin-22

DEPENDENCIES
  byebug
  cash-app-pay!
  mocha
  pry
  pry-byebug
  test-unit
  webmock

BUNDLED WITH
   2.2.33
